GEM
  remote: http://rubygems.org/
  specs:
    activemodel (5.0.1)
      activesupport (= 5.0.1)
    activesupport (5.0.1)
      concurrent-ruby (~> 1.0, >= 1.0.2)
      i18n (~> 0.7)
      minitest (~> 5.1)
      tzinfo (~> 1.1)
    bson (4.2.1)
    concurrent-ruby (1.0.4)
    haml (4.0.7)
      tilt
    i18n (0.8.0)
    minitest (5.10.1)
    mongo (2.4.1)
      bson (>= 4.2.1, < 5.0.0)
    mongoid (6.1.0)
      activemodel (~> 5.0)
      mongo (>= 2.4.1, < 3.0.0)
    puma (3.6.0)
    rack (1.6.4)
    rack-protection (1.5.3)
      rack
    sinatra (1.4.7)
      rack (~> 1.5)
      rack-protection (~> 1.4)
      tilt (>= 1.3, < 3)
    thread_safe (0.3.5)
    tilt (2.0.5)
    tzinfo (1.2.2)
      thread_safe (~> 0.1)

PLATFORMS
  ruby

DEPENDENCIES
  haml
  mongoid
  puma
  rack (< 2.0)
  sinatra

RUBY VERSION
   ruby 2.4.0p0

BUNDLED WITH
   1.14.4
